GIT
  remote: git@github.com:jc-2/septa-ruby.git
  revision: be56872b27cefe098abfdca3b7b77e1740c72fb6
  specs:
    septa (1.0.2)

GEM
  remote: http://rubygems.org/
  specs:
    activesupport (3.2.9)
      i18n (~> 0.6)
      multi_json (~> 1.0)
    addressable (2.3.2)
    chronic (0.8.0)
    fattr (2.2.1)
    httpauth (0.2.0)
    i18n (0.6.1)
    multi_json (1.3.7)
    options (2.3.0)
      fattr
    resourceful (1.0.1)
      addressable (>= 2.1.0)
      httpauth
      options (>= 2.1.1)
    whenever (0.8.0)
      activesupport (>= 2.3.4)
      chronic (>= 0.6.3)

PLATFORMS
  ruby

DEPENDENCIES
  resourceful
  septa!
  whenever
